GEM
  remote: https://rubygems.org/
  specs:
    rbs (1.7.1)

PLATFORMS
  ruby

DEPENDENCIES
  rbs

BUNDLED WITH
   2.1.4
